PATH
  remote: .
  specs:
    google-api-client (0.5.0)
      addressable (>= 2.3.2)
      autoparse (>= 0.3.2)
      extlib (>= 0.9.15)
      faraday (~> 0.8.1)
      jwt (>= 0.1.5)
      launchy (>= 2.1.1)
      multi_json (>= 1.0.0)
      signet (>= 0.4.1)
      uuidtools (>= 2.1.0)

GEM
  remote: http://rubygems.org/
  specs:
    addressable (2.3.2)
    autoparse (0.3.2)
      addressable (>= 2.3.1)
      extlib (>= 0.9.15)
      multi_json (>= 1.0.0)
    diff-lcs (1.1.3)
    extlib (0.9.15)
    faraday (0.8.4)
      multipart-post (~> 1.1)
    idn (0.0.2)
    jwt (0.1.5)
      multi_json (>= 1.0)
    launchy (2.1.2)
      addressable (~> 2.3)
    multi_json (1.3.6)
    multipart-post (1.1.5)
    rack (1.4.1)
    rack-protection (1.2.0)
      rack
    rake (0.9.2.2)
    rcov (1.0.0)
    rspec (2.11.0)
      rspec-core (~> 2.11.0)
      rspec-expectations (~> 2.11.0)
      rspec-mocks (~> 2.11.0)
    rspec-core (2.11.1)
    rspec-expectations (2.11.3)
      diff-lcs (~> 1.1.3)
    rspec-mocks (2.11.3)
    signet (0.4.3)
      addressable (>= 2.2.3)
      faraday (~> 0.8.1)
      jwt (>= 0.1.5)
      multi_json (>= 1.0.0)
    sinatra (1.3.3)
      rack (~> 1.3, >= 1.3.6)
      rack-protection (~> 1.2)
      tilt (~> 1.3, >= 1.3.3)
    tilt (1.3.3)
    uuidtools (2.1.3)
    yard (0.8.3)

PLATFORMS
  ruby

DEPENDENCIES
  addressable (>= 2.3.2)
  autoparse (>= 0.3.2)
  extlib (>= 0.9.15)
  faraday (~> 0.8.1)
  google-api-client!
  idn
  jruby-openssl
  jwt (~> 0.1.5)
  launchy (>= 2.1.1)
  multi_json (>= 1.0.0)
  rake (>= 0.9.0)
  rcov (>= 0.9.9)
  rspec (>= 2.11.0)
  signet (>= 0.4.1)
  sinatra
  uuidtools (>= 2.1.0)
  yard
