GEM
  remote: http://rubygems.org/
  specs:
    addressable (2.3.1)
    diff-lcs (1.1.3)
    extlib (0.9.15)
    multi_json (1.3.6)
    rake (0.9.2.2)
    rcov (1.0.0)
    redcarpet (2.1.1)
    rspec (2.11.0)
      rspec-core (~> 2.11.0)
      rspec-expectations (~> 2.11.0)
      rspec-mocks (~> 2.11.0)
    rspec-core (2.11.1)
    rspec-expectations (2.11.1)
      diff-lcs (~> 1.1.3)
    rspec-mocks (2.11.1)
    yard (0.8.2.1)

PLATFORMS
  ruby

DEPENDENCIES
  addressable (>= 2.3.1)
  extlib (>= 0.9.15)
  multi_json (>= 1.0.0)
  rake (>= 0.9.0)
  rcov (>= 0.9.9)
  redcarpet
  rspec (>= 2.11.0)
  yard
